GEM
  remote: https://rubygems.org/
  specs:
    net-dns (0.8.0)
    net-ping (1.7.7)

PLATFORMS
  ruby

DEPENDENCIES
  net-dns
  net-ping
